GEM
  remote: https://rubygems.org/
  specs:
    linguistics (2.1.0)
      loggability (~> 0.11)
    loggability (0.14.0)
    sqlite3 (1.3.13)

PLATFORMS
  ruby

DEPENDENCIES
  linguistics
  sqlite3

BUNDLED WITH
   1.15.4
